PATH
  remote: ./cbsources/faraday
  specs:
    faraday (0.9.1)
      multipart-post (>= 1.2, < 3)

PATH
  remote: ./cbsources/fog-aws
  specs:
    fog-aws (0.7.6)
      fog-core (~> 1.27)
      fog-json (~> 1.0)
      fog-xml (~> 0.1)
      ipaddress (~> 0.8)

PATH
  remote: ./cbsources/knife-ec2
  specs:
    knife-ec2 (0.11.0)
      fog (~> 1.29.0)
      knife-windows (~> 1.0.0.rc.1)

PATH
  remote: ./cbsources/knife-vagrant2
  specs:
    knife-vagrant2 (0.0.7)
      chef (>= 0.10.10)

PATH
  remote: ./cbsources/ridley
  specs:
    ridley (4.2.0)
      addressable
      buff-config (~> 1.0)
      buff-extensions (~> 1.0)
      buff-ignore (~> 1.1)
      buff-shell_out (~> 0.1)
      celluloid (~> 0.16.0)
      celluloid-io (~> 0.16.1)
      erubis
      faraday (~> 0.9.0)
      hashie (>= 2.0.2, < 3.0.0)
      httpclient (~> 2.6)
      json (>= 1.7.7)
      mixlib-authentication (>= 1.3.0)
      retryable (~> 2.0)
      semverse (~> 1.1)
      varia_model (~> 0.4)

PATH
  remote: ./cbsources/rspec
  specs:
    rspec (3.4.0.pre)
      rspec-core (= 3.4.0.pre)
      rspec-expectations (= 3.4.0.pre)
      rspec-mocks (= 3.4.0.pre)

PATH
  remote: ./cbsources/rspec-support
  specs:
    rspec-support (3.4.0.pre)

PATH
  remote: cbsources/application
  specs:
    poise-application (5.0.0.pre)
      halite (~> 1.0)
      poise (> 2.3)
      poise-service (~> 1.0)

PATH
  remote: cbsources/application_git
  specs:
    poise-application-git (1.0.0.pre)
      halite (~> 1.0)
      poise (~> 2.0)
      poise-application (~> 5.0.pre)

PATH
  remote: cbsources/application_python
  specs:
    poise-application-python (4.0.0.pre)
      halite (~> 1.0)
      poise (~> 2.0)
      poise-application (~> 5.0.pre)
      poise-python (~> 1.0.pre)
      poise-service (~> 1.0)

PATH
  remote: cbsources/berkshelf
  specs:
    berkshelf (3.3.0)
      addressable (~> 2.3.4)
      berkshelf-api-client (~> 1.2)
      buff-config (~> 1.0)
      buff-extensions (~> 1.0)
      buff-shell_out (~> 0.1)
      celluloid (= 0.16.0)
      celluloid-io (~> 0.16.1)
      cleanroom (~> 1.0)
      faraday (~> 0.9.0)
      httpclient (~> 2.6.0)
      minitar (~> 0.5.4)
      octokit (~> 3.0)
      retryable (~> 2.0)
      ridley (~> 4.0)
      solve (~> 1.1)
      thor (~> 0.19)

PATH
  remote: cbsources/buff-config
  specs:
    buff-config (1.0.1)
      buff-extensions (~> 1.0)
      varia_model (~> 0.4)

PATH
  remote: cbsources/chef
  specs:
    chef (12.5.0.current.0)
      chef-config (= 12.5.0.current.0)
      chef-zero (~> 4.2, >= 4.2.2)
      diff-lcs (~> 1.2, >= 1.2.4)
      erubis (~> 2.7)
      ffi-yajl (~> 2.2)
      highline (~> 1.6, >= 1.6.9)
      mixlib-authentication (~> 1.3)
      mixlib-cli (~> 1.4)
      mixlib-log (~> 1.3)
      mixlib-shellout (~> 2.0)
      net-ssh (~> 2.6)
      net-ssh-multi (~> 1.1)
      ohai (>= 8.6.0.alpha.1, < 9)
      plist (~> 3.1.0)
      pry (~> 0.9)
      rspec-core (~> 3.2)
      rspec-expectations (~> 3.2)
      rspec-mocks (~> 3.2)
      rspec_junit_formatter (~> 0.2.0)
      serverspec (~> 2.7)
      specinfra (~> 2.10)
      syslog-logger (~> 1.6)

PATH
  remote: cbsources/chef-provisioning
  specs:
    chef-provisioning (1.4.1)
      cheffish (~> 1.3, >= 1.3.1)
      inifile (~> 2.0)
      mixlib-install (~> 0.6)
      net-scp (~> 1.0)
      net-ssh (~> 2.0)
      net-ssh-gateway (~> 1.2.0)
      winrm (~> 1.3)

PATH
  remote: cbsources/chef-provisioning-aws
  specs:
    chef-provisioning-aws (1.4.1)
      aws-sdk (~> 2.1)
      aws-sdk-v1 (>= 1.59.0)
      chef-provisioning (~> 1.4)
      retryable (~> 2.0.1)
      ubuntu_ami (~> 0.4.1)

PATH
  remote: cbsources/chef-zero
  specs:
    chef-zero (4.3.0)
      ffi-yajl (~> 2.2)
      hashie (~> 2.0)
      mixlib-log (~> 1.3)
      rack
      uuidtools (~> 2.1)

PATH
  remote: cbsources/chef/chef-config
  specs:
    chef-config (12.5.0.current.0)
      mixlib-config (~> 2.0)
      mixlib-shellout (~> 2.0)

PATH
  remote: cbsources/chefspec
  specs:
    chefspec (4.3.0)
      chef (>= 11.14)
      fauxhai (~> 2.3)
      rspec (~> 3.0)

PATH
  remote: cbsources/dep-selector
  specs:
    dep_selector (1.0.3)
      dep-selector-libgecode (= 1.0.2)
      ffi (~> 1.9)

PATH
  remote: cbsources/dep-selector-libgecode
  specs:
    dep-selector-libgecode (1.0.2)

PATH
  remote: cbsources/ffi
  specs:
    ffi (1.9.10)

PATH
  remote: cbsources/ffi-yajl
  specs:
    ffi-yajl (2.2.2)
      libyajl2 (~> 1.2)

PATH
  remote: cbsources/kitchen-vagrant
  specs:
    kitchen-vagrant (0.19.1.dev)
      test-kitchen (~> 1.4)

PATH
  remote: cbsources/knife-solo
  specs:
    knife-solo (0.5.2)
      chef (>= 10.20)
      erubis (~> 2.7.0)
      net-ssh (~> 2.7, < 3.0)

PATH
  remote: cbsources/knife-spec
  specs:
    knife-spec (1.0.0)
      chef

PATH
  remote: cbsources/knife-zero
  specs:
    knife-zero (1.8.5)
      chef

PATH
  remote: cbsources/mixlib-config
  specs:
    mixlib-config (2.2.1)

PATH
  remote: cbsources/ohai
  specs:
    ohai (8.6.0)
      chef-config (>= 12.5.0.alpha.1, < 13)
      ffi (~> 1.9)
      ffi-yajl (~> 2.2)
      ipaddress
      mime-types (~> 2.0)
      mixlib-cli
      mixlib-config (~> 2.0)
      mixlib-log
      mixlib-shellout (~> 2.0)
      rake (~> 10.1)
      systemu (~> 2.6.4)
      wmi-lite (~> 1.0)

PATH
  remote: cbsources/poise
  specs:
    poise (2.4.1.pre)
      halite (~> 1.0)

PATH
  remote: cbsources/poise-python
  specs:
    poise-python (1.1.0.pre)
      halite (~> 1.0)
      poise (~> 2.0)
      poise-languages (~> 1.0.dev)

PATH
  remote: cbsources/poise-service
  specs:
    poise-service (1.0.3.pre)
      halite (~> 1.0)
      poise (~> 2.0)

PATH
  remote: cbsources/resource
  specs:
    chef-resource (0.2.2)
      json (>= 1.7.7)

PATH
  remote: cbsources/rspec-core
  specs:
    rspec-core (3.4.0.pre)
      rspec-support (= 3.4.0.pre)

PATH
  remote: cbsources/rspec-expectations
  specs:
    rspec-expectations (3.4.0.pre)
      diff-lcs (>= 1.2.0, < 2.0)
      rspec-support (= 3.4.0.pre)

PATH
  remote: cbsources/rspec-mocks
  specs:
    rspec-mocks (3.4.0.pre)
      diff-lcs (>= 1.2.0, < 2.0)
      rspec-support (= 3.4.0.pre)

PATH
  remote: cbsources/vagrant
  specs:
    vagrant (1.7.4)
      bundler
      childprocess (~> 0.5.0)
      erubis (~> 2.7.0)
      hashicorp-checkpoint (~> 0.1.1)
      i18n (>= 0.6.0, <= 0.8.0)
      listen (~> 3.0.2)
      log4r (~> 1.1.9, < 1.1.11)
      net-scp
      net-sftp (~> 2.1)
      net-ssh (>= 2.6.6, < 2.10.0)
      nokogiri (= 1.6.3.1)
      rb-kqueue (~> 0.2.0)
      rest-client (>= 1.6.0, < 2.0)
      wdm (~> 0.1.0)
      winrm (~> 1.3)
      winrm-fs (~> 0.2.2)

GEM
  remote: https://rubygems.org/
  specs:
    CFPropertyList (2.3.1)
    addressable (2.3.8)
    aws-sdk (2.1.26)
      aws-sdk-resources (= 2.1.26)
    aws-sdk-core (2.1.26)
      jmespath (~> 1.0)
    aws-sdk-resources (2.1.26)
      aws-sdk-core (= 2.1.26)
    aws-sdk-v1 (1.66.0)
      json (~> 1.4)
      nokogiri (>= 1.4.4)
    berkshelf-api-client (1.3.0)
      faraday (~> 0.9.0)
      httpclient (~> 2.6.0)
    buff-extensions (1.0.0)
    buff-ignore (1.1.1)
    buff-ruby_engine (0.1.0)
    buff-shell_out (0.2.0)
      buff-ruby_engine (~> 0.1.0)
    builder (3.2.2)
    celluloid (0.16.0)
      timers (~> 4.0.0)
    celluloid-io (0.16.2)
      celluloid (>= 0.16.0)
      nio4r (>= 1.1.0)
    chef-api (0.5.0)
      logify (~> 0.1)
      mime-types
    cheffish (1.5.0)
      chef-zero (~> 4.2)
    childprocess (0.5.6)
      ffi (~> 1.0, >= 1.0.11)
    cleanroom (1.0.0)
    coderay (1.1.0)
    diff-lcs (1.2.5)
    domain_name (0.5.24)
      unf (>= 0.0.5, < 1.0.0)
    erubis (2.7.0)
    excon (0.45.4)
    fauxhai (2.3.0)
      net-ssh
      ohai
    fission (0.5.0)
      CFPropertyList (~> 2.2)
    fog (1.29.0)
      fog-atmos
      fog-aws (~> 0.0)
      fog-brightbox (~> 0.4)
      fog-core (~> 1.27, >= 1.27.4)
      fog-ecloud
      fog-json
      fog-local
      fog-powerdns (>= 0.1.1)
      fog-profitbricks
      fog-radosgw (>= 0.0.2)
      fog-riakcs
      fog-sakuracloud (>= 0.0.4)
      fog-serverlove
      fog-softlayer
      fog-storm_on_demand
      fog-terremark
      fog-vmfusion
      fog-voxel
      fog-xml (~> 0.1.1)
      ipaddress (~> 0.5)
      nokogiri (~> 1.5, >= 1.5.11)
    fog-atmos (0.1.0)
      fog-core
      fog-xml
    fog-brightbox (0.9.0)
      fog-core (~> 1.22)
      fog-json
      inflecto (~> 0.0.2)
    fog-core (1.32.1)
      builder
      excon (~> 0.45)
      formatador (~> 0.2)
      mime-types
      net-scp (~> 1.1)
      net-ssh (>= 2.1.3)
    fog-ecloud (0.3.0)
      fog-core
      fog-xml
    fog-json (1.0.2)
      fog-core (~> 1.0)
      multi_json (~> 1.10)
    fog-local (0.2.1)
      fog-core (~> 1.27)
    fog-powerdns (0.1.1)
      fog-core (~> 1.27)
      fog-json (~> 1.0)
      fog-xml (~> 0.1)
    fog-profitbricks (0.0.5)
      fog-core
      fog-xml
      nokogiri
    fog-radosgw (0.0.4)
      fog-core (>= 1.21.0)
      fog-json
      fog-xml (>= 0.0.1)
    fog-riakcs (0.1.0)
      fog-core
      fog-json
      fog-xml
    fog-sakuracloud (1.3.3)
      fog-core
      fog-json
    fog-serverlove (0.1.2)
      fog-core
      fog-json
    fog-softlayer (0.4.7)
      fog-core
      fog-json
    fog-storm_on_demand (0.1.1)
      fog-core
      fog-json
    fog-terremark (0.1.0)
      fog-core
      fog-xml
    fog-vmfusion (0.1.0)
      fission
      fog-core
    fog-voxel (0.1.0)
      fog-core
      fog-xml
    fog-xml (0.1.2)
      fog-core
      nokogiri (~> 1.5, >= 1.5.11)
    formatador (0.2.5)
    gssapi (1.2.0)
      ffi (>= 1.0.1)
    gyoku (1.3.1)
      builder (>= 2.1.2)
    halite (1.0.10)
      bundler
      chef (~> 12.0)
      stove (~> 3.2, >= 3.2.3)
      thor
    hashicorp-checkpoint (0.1.4)
    hashie (2.1.2)
    highline (1.7.7)
    hitimes (1.2.3)
    http-cookie (1.0.2)
      domain_name (~> 0.5)
    httpclient (2.6.0.1)
    i18n (0.7.0)
    inflecto (0.0.2)
    inifile (2.0.2)
    ipaddress (0.8.0)
    jmespath (1.1.3)
    json (1.8.3)
    knife-windows (1.0.0)
      nokogiri
      winrm (~> 1.3)
      winrm-s (~> 0.3.0)
    libyajl2 (1.2.0)
    listen (3.0.3)
      rb-fsevent (>= 0.9.3)
      rb-inotify (>= 0.9)
    little-plugger (1.1.4)
    log4r (1.1.10)
    logging (1.8.2)
      little-plugger (>= 1.1.3)
      multi_json (>= 1.8.4)
    logify (0.2.0)
    method_source (0.8.2)
    mime-types (2.6.2)
    mini_portile (0.6.0)
    minitar (0.5.4)
    mixlib-authentication (1.3.0)
      mixlib-log
    mixlib-cli (1.5.0)
    mixlib-install (0.7.0)
    mixlib-log (1.6.0)
    mixlib-shellout (2.2.1)
    multi_json (1.11.2)
    multipart-post (2.0.0)
    net-scp (1.2.1)
      net-ssh (>= 2.6.5)
    net-sftp (2.1.2)
      net-ssh (>= 2.6.5)
    net-ssh (2.9.2)
    net-ssh-gateway (1.2.0)
      net-ssh (>= 2.6.5)
    net-ssh-multi (1.2.1)
      net-ssh (>= 2.6.5)
      net-ssh-gateway (>= 1.2.0)
    net-telnet (0.1.1)
    netrc (0.10.3)
    nio4r (1.1.1)
    nokogiri (1.6.3.1)
      mini_portile (= 0.6.0)
    nori (2.6.0)
    octokit (3.8.0)
      sawyer (~> 0.6.0, >= 0.5.3)
    plist (3.1.0)
    poise-languages (1.2.0)
      halite (~> 1.0)
      poise (~> 2.3)
    pry (0.10.2)
      coderay (~> 1.1.0)
      method_source (~> 0.8.1)
      slop (~> 3.4)
    rack (1.6.4)
    rake (10.4.2)
    rb-fsevent (0.9.6)
    rb-inotify (0.9.5)
      ffi (>= 0.5.0)
    rb-kqueue (0.2.4)
      ffi (>= 0.5.0)
    rest-client (1.8.0)
      http-cookie (>= 1.0.2, < 2.0)
      mime-types (>= 1.16, < 3.0)
      netrc (~> 0.7)
    retryable (2.0.2)
    rspec-its (1.2.0)
      rspec-core (>= 3.0.0)
      rspec-expectations (>= 3.0.0)
    rspec_junit_formatter (0.2.3)
      builder (< 4)
      rspec-core (>= 2, < 4, != 2.12.0)
    rubyntlm (0.4.0)
    rubyzip (1.1.7)
    safe_yaml (1.0.4)
    sawyer (0.6.0)
      addressable (~> 2.3.5)
      faraday (~> 0.8, < 0.10)
    semverse (1.2.1)
    serverspec (2.24.1)
      multi_json
      rspec (~> 3.0)
      rspec-its
      specinfra (~> 2.43)
    sfl (2.2)
    slop (3.6.0)
    solve (1.2.1)
      dep_selector (~> 1.0)
      semverse (~> 1.1)
    specinfra (2.43.10)
      net-scp
      net-ssh (~> 2.7)
      net-telnet
      sfl
    stove (3.2.7)
      chef-api (~> 0.5)
      logify (~> 0.2)
    syslog-logger (1.6.8)
    systemu (2.6.5)
    test-kitchen (1.4.2)
      mixlib-shellout (>= 1.2, < 3.0)
      net-scp (~> 1.1)
      net-ssh (~> 2.7, < 2.10)
      safe_yaml (~> 1.0)
      thor (~> 0.18)
    thor (0.19.1)
    timers (4.0.4)
      hitimes
    ubuntu_ami (0.4.1)
    unf (0.1.4)
      unf_ext
    unf_ext (0.0.7.1)
    uuidtools (2.1.5)
    varia_model (0.4.0)
      buff-extensions (~> 1.0)
      hashie (>= 2.0.2, < 3.0.0)
    wdm (0.1.1)
    winrm (1.3.4)
      builder (>= 2.1.2)
      gssapi (~> 1.2)
      gyoku (~> 1.0)
      httpclient (~> 2.2, >= 2.2.0.2)
      logging (~> 1.6, >= 1.6.1)
      nori (~> 2.0)
      rubyntlm (~> 0.4.0)
      uuidtools (~> 2.1.2)
    winrm-fs (0.2.2)
      erubis (~> 2.7)
      logging (~> 1.6, >= 1.6.1)
      rubyzip (~> 1.1)
      winrm (~> 1.3.0)
    winrm-s (0.3.1)
      winrm (~> 1.3.0)
    wmi-lite (1.0.0)

PLATFORMS
  ruby

DEPENDENCIES
  berkshelf!
  buff-config!
  chef!
  chef-config!
  chef-provisioning!
  chef-provisioning-aws!
  chef-resource!
  chef-zero!
  chefspec!
  dep-selector-libgecode!
  dep_selector!
  faraday!
  ffi!
  ffi-yajl!
  fog-aws!
  kitchen-vagrant!
  knife-ec2!
  knife-solo!
  knife-spec!
  knife-vagrant2!
  knife-zero!
  mixlib-config!
  ohai!
  poise!
  poise-application!
  poise-application-git!
  poise-application-python!
  poise-python!
  poise-service!
  ridley!
  rspec!
  rspec-core!
  rspec-expectations!
  rspec-mocks!
  rspec-support!
  vagrant!

BUNDLED WITH
   1.10.6
