PATH
  remote: ../../berkshelf
  specs:
    berkshelf (3.3.0)
      addressable (~> 2.3.4)
      berkshelf-api-client (~> 1.2)
      buff-config (~> 1.0)
      buff-extensions (~> 1.0)
      buff-shell_out (~> 0.1)
      celluloid (= 0.16.0)
      celluloid-io (~> 0.16.1)
      cleanroom (~> 1.0)
      faraday (~> 0.9.0)
      httpclient (~> 2.6.0)
      minitar (~> 0.5.4)
      octokit (~> 3.0)
      retryable (~> 2.0)
      ridley (~> 4.0)
      solve (~> 1.1)
      thor (~> 0.19)

PATH
  remote: ../../buff-config
  specs:
    buff-config (1.0.1)
      buff-extensions (~> 1.0)
      varia_model (~> 0.4)

PATH
  remote: ../../chef-provisioning-aws
  specs:
    chef-provisioning-aws (1.4.0.dev.1)
      aws-sdk (~> 2.1)
      aws-sdk-v1 (>= 1.59.0)
      chef (>= 11.16.4)
      chef-provisioning (~> 1.3)
      retryable (~> 2.0.1)
      ubuntu_ami (~> 0.4.1)

PATH
  remote: ../../chefspec
  specs:
    chefspec (4.3.0)
      chef (>= 11.14)
      fauxhai (~> 2.3)
      rspec (~> 3.0)

PATH
  remote: ../../dep-selector
  specs:
    dep_selector (1.0.3)
      dep-selector-libgecode (~> 1.0)
      ffi (~> 1.9)

PATH
  remote: ../../dep-selector-libgecode
  specs:
    dep-selector-libgecode (1.0.2)

PATH
  remote: ../../ffi
  specs:
    ffi (1.9.10)

PATH
  remote: ../../ffi-yajl
  specs:
    ffi-yajl (2.2.2)
      libyajl2 (~> 1.2)

PATH
  remote: ../../kitchen-vagrant
  specs:
    kitchen-vagrant (0.18.1.dev)
      test-kitchen (~> 1.4)

PATH
  remote: ../../knife-solo
  specs:
    knife-solo (0.5.2)
      chef (>= 10.20)
      erubis (~> 2.7.0)
      net-ssh (~> 2.7, < 3.0)

PATH
  remote: ../../knife-spec
  specs:
    knife-spec (1.0.0)
      chef

PATH
  remote: ../../vagrant
  specs:
    vagrant (1.7.4)
      bundler (>= 1.5.2, <= 1.10.7)
      childprocess (~> 0.5.6)
      erubis (~> 2.7.0)
      hashicorp-checkpoint (~> 0.1.1)
      i18n (>= 0.6.0, <= 0.8.0)
      listen (~> 3.0.2)
      log4r (~> 1.1.9, < 1.1.11)
      net-scp (>= 1.2.1)
      net-sftp (~> 2.1)
      net-ssh (>= 2.6.6, < 2.10.0)
      nokogiri (= 1.6.3.1)
      rb-kqueue (~> 0.2.0)
      rest-client (>= 1.6.0, < 2.0)
      wdm (~> 0.1.0)
      winrm (~> 1.3)
      winrm-fs (~> 0.2.2)

PATH
  remote: cbsources/application
  specs:
    poise-application (5.0.0.pre)
      halite (~> 1.0)
      poise (~> 2.0)
      poise-service (~> 1.0)

PATH
  remote: cbsources/application_git
  specs:
    poise-application-git (1.0.0.pre)
      halite (~> 1.0)
      poise (~> 2.0)
      poise-application (~> 5.0.pre)

PATH
  remote: cbsources/application_python
  specs:
    poise-application-python (4.0.0.pre)
      halite (~> 1.0)
      poise (~> 2.0)
      poise-application (~> 5.0.pre)
      poise-python (~> 1.0.pre)
      poise-service (~> 1.0)

GEM
  remote: https://rubygems.org/
  specs:
    CFPropertyList (2.3.1)
    addressable (2.3.8)
    aws-sdk (2.1.17)
      aws-sdk-resources (= 2.1.17)
    aws-sdk-core (2.1.17)
      jmespath (~> 1.0)
    aws-sdk-resources (2.1.17)
      aws-sdk-core (= 2.1.17)
    aws-sdk-v1 (1.65.0)
      json (~> 1.4)
      nokogiri (>= 1.4.4)
    berkshelf-api-client (1.3.0)
      faraday (~> 0.9.0)
      httpclient (~> 2.6.0)
    binding_of_caller (0.7.2)
      debug_inspector (>= 0.0.1)
    buff-extensions (1.0.0)
    buff-ignore (1.1.1)
    buff-ruby_engine (0.1.0)
    buff-shell_out (0.2.0)
      buff-ruby_engine (~> 0.1.0)
    builder (3.2.2)
    celluloid (0.16.0)
      timers (~> 4.0.0)
    celluloid-io (0.16.2)
      celluloid (>= 0.16.0)
      nio4r (>= 1.1.0)
    chef (12.4.1)
      chef-config (= 12.4.1)
      chef-zero (~> 4.2, >= 4.2.2)
      diff-lcs (~> 1.2, >= 1.2.4)
      erubis (~> 2.7)
      ffi-yajl (~> 2.2)
      highline (~> 1.6, >= 1.6.9)
      mixlib-authentication (~> 1.3)
      mixlib-cli (~> 1.4)
      mixlib-log (~> 1.3)
      mixlib-shellout (>= 2.0.0.rc.0, < 3.0)
      net-ssh (~> 2.6)
      net-ssh-multi (~> 1.1)
      ohai (~> 8.0)
      plist (~> 3.1.0)
      pry (~> 0.9)
      rspec-core (~> 3.2)
      rspec-expectations (~> 3.2)
      rspec-mocks (~> 3.2)
      rspec_junit_formatter (~> 0.2.0)
      serverspec (~> 2.7)
      specinfra (~> 2.10)
      syslog-logger (~> 1.6)
    chef-api (0.5.0)
      logify (~> 0.1)
      mime-types
    chef-config (12.4.1)
      mixlib-config (~> 2.0)
      mixlib-shellout (~> 2.0)
    chef-provisioning (1.3.0)
      chef (>= 11.16.4)
      cheffish (~> 1.1)
      inifile (~> 2.0)
      mixlib-install (~> 0.4)
      net-scp (~> 1.0)
      net-ssh (~> 2.0)
      net-ssh-gateway (~> 1.2.0)
      winrm (~> 1.3)
    chef-zero (4.2.3)
      ffi-yajl (>= 1.1, < 3.0)
      hashie (~> 2.0)
      mixlib-log (~> 1.3)
      rack
      uuidtools (~> 2.1)
    cheffish (1.3.1)
      chef (~> 12.1)
      chef-zero (~> 4.2)
    childprocess (0.5.6)
      ffi (~> 1.0, >= 1.0.11)
    cleanroom (1.0.0)
    coderay (1.1.0)
    coveralls (0.8.2)
      json (~> 1.8)
      rest-client (>= 1.6.8, < 2)
      simplecov (~> 0.10.0)
      term-ansicolor (~> 1.3)
      thor (~> 0.19.1)
    debug_inspector (0.0.2)
    diff-lcs (1.2.5)
    docile (1.1.5)
    domain_name (0.5.24)
      unf (>= 0.0.5, < 1.0.0)
    em-winrm (0.7.0)
      eventmachine (~> 1.0.0)
      mixlib-log (>= 1.3.0)
      uuidtools (~> 2.1.1)
      winrm (~> 1.3.0)
    erubis (2.7.0)
    eventmachine (1.0.8)
    excon (0.45.4)
    faraday (0.9.1)
      multipart-post (>= 1.2, < 3)
    fauxhai (2.3.0)
      net-ssh
      ohai
    fission (0.5.0)
      CFPropertyList (~> 2.2)
    fog (1.29.0)
      fog-atmos
      fog-aws (~> 0.0)
      fog-brightbox (~> 0.4)
      fog-core (~> 1.27, >= 1.27.4)
      fog-ecloud
      fog-json
      fog-local
      fog-powerdns (>= 0.1.1)
      fog-profitbricks
      fog-radosgw (>= 0.0.2)
      fog-riakcs
      fog-sakuracloud (>= 0.0.4)
      fog-serverlove
      fog-softlayer
      fog-storm_on_demand
      fog-terremark
      fog-vmfusion
      fog-voxel
      fog-xml (~> 0.1.1)
      ipaddress (~> 0.5)
      nokogiri (~> 1.5, >= 1.5.11)
    fog-atmos (0.1.0)
      fog-core
      fog-xml
    fog-aws (0.7.6)
      fog-core (~> 1.27)
      fog-json (~> 1.0)
      fog-xml (~> 0.1)
      ipaddress (~> 0.8)
    fog-brightbox (0.9.0)
      fog-core (~> 1.22)
      fog-json
      inflecto (~> 0.0.2)
    fog-core (1.32.1)
      builder
      excon (~> 0.45)
      formatador (~> 0.2)
      mime-types
      net-scp (~> 1.1)
      net-ssh (>= 2.1.3)
    fog-ecloud (0.3.0)
      fog-core
      fog-xml
    fog-json (1.0.2)
      fog-core (~> 1.0)
      multi_json (~> 1.10)
    fog-local (0.2.1)
      fog-core (~> 1.27)
    fog-powerdns (0.1.1)
      fog-core (~> 1.27)
      fog-json (~> 1.0)
      fog-xml (~> 0.1)
    fog-profitbricks (0.0.5)
      fog-core
      fog-xml
      nokogiri
    fog-radosgw (0.0.4)
      fog-core (>= 1.21.0)
      fog-json
      fog-xml (>= 0.0.1)
    fog-riakcs (0.1.0)
      fog-core
      fog-json
      fog-xml
    fog-sakuracloud (1.3.2)
      fog-core
      fog-json
    fog-serverlove (0.1.2)
      fog-core
      fog-json
    fog-softlayer (0.4.7)
      fog-core
      fog-json
    fog-storm_on_demand (0.1.1)
      fog-core
      fog-json
    fog-terremark (0.1.0)
      fog-core
      fog-xml
    fog-vmfusion (0.1.0)
      fission
      fog-core
    fog-voxel (0.1.0)
      fog-core
      fog-xml
    fog-xml (0.1.2)
      fog-core
      nokogiri (~> 1.5, >= 1.5.11)
    formatador (0.2.5)
    gssapi (1.2.0)
      ffi (>= 1.0.1)
    gyoku (1.3.1)
      builder (>= 2.1.2)
    halite (1.0.9)
      bundler
      chef (~> 12.0)
      stove (~> 3.2, >= 3.2.3)
      thor
    hashicorp-checkpoint (0.1.4)
    hashie (2.1.2)
    highline (1.7.3)
    hitimes (1.2.2)
    http-cookie (1.0.2)
      domain_name (~> 0.5)
    httpclient (2.6.0.1)
    i18n (0.7.0)
    inflecto (0.0.2)
    inifile (2.0.2)
    interception (0.5)
    ipaddress (0.8.0)
    jmespath (1.1.3)
    json (1.8.3)
    knife-ec2 (0.11.0)
      fog (~> 1.29.0)
      knife-windows (>= 0.8.2)
    knife-reporting (0.4.1)
      mixlib-cli (~> 1.5)
    knife-vagrant2 (0.0.6)
      chef (>= 0.10.10)
    knife-windows (0.8.6)
      em-winrm (~> 0.7)
      winrm-s (~> 0.3.1)
    knife-zero (1.8.0)
      chef
    librarian (0.1.2)
      highline
      thor (~> 0.15)
    librarian-chef (0.0.4)
      chef (>= 0.10)
      librarian (~> 0.1.0)
      minitar (>= 0.5.2)
    libyajl2 (1.2.0)
    listen (3.0.3)
      rb-fsevent (>= 0.9.3)
      rb-inotify (>= 0.9)
    little-plugger (1.1.4)
    log4r (1.1.10)
    logging (1.8.1)
      little-plugger (>= 1.1.3)
      multi_json (>= 1.3.6)
    logify (0.2.0)
    metaclass (0.0.4)
    method_source (0.8.2)
    mime-types (2.6.1)
    mini_portile (0.6.0)
    minitar (0.5.4)
    minitest (4.7.5)
    mixlib-authentication (1.3.0)
      mixlib-log
    mixlib-cli (1.5.0)
    mixlib-config (2.2.1)
    mixlib-install (0.7.0)
    mixlib-log (1.6.0)
    mixlib-shellout (2.2.1)
    mocha (1.1.0)
      metaclass (~> 0.0.1)
    multi_json (1.11.2)
    multipart-post (2.0.0)
    net-http-persistent (2.9.4)
    net-scp (1.2.1)
      net-ssh (>= 2.6.5)
    net-sftp (2.1.2)
      net-ssh (>= 2.6.5)
    net-ssh (2.9.2)
    net-ssh-gateway (1.2.0)
      net-ssh (>= 2.6.5)
    net-ssh-multi (1.2.1)
      net-ssh (>= 2.6.5)
      net-ssh-gateway (>= 1.2.0)
    net-telnet (0.1.1)
    netrc (0.10.3)
    nio4r (1.1.1)
    nokogiri (1.6.3.1)
      mini_portile (= 0.6.0)
    nori (2.6.0)
    octokit (3.8.0)
      sawyer (~> 0.6.0, >= 0.5.3)
    ohai (8.5.1)
      ffi (~> 1.9)
      ffi-yajl (~> 2.2)
      ipaddress
      mime-types (~> 2.0)
      mixlib-cli
      mixlib-config (~> 2.0)
      mixlib-log
      mixlib-shellout (~> 2.0)
      rake (~> 10.1)
      systemu (~> 2.6.4)
      wmi-lite (~> 1.0)
    parallel (1.6.1)
    plist (3.1.0)
    poise (2.3.2)
      halite (~> 1.0)
    poise-languages (1.0.0)
      halite (~> 1.0)
      poise (~> 2.3)
    poise-python (1.0.0)
      halite (~> 1.0)
      poise (~> 2.0)
      poise-languages (~> 1.0.dev)
    poise-service (1.0.2)
      halite (~> 1.0)
      poise (~> 2.0)
    pry (0.10.1)
      coderay (~> 1.1.0)
      method_source (~> 0.8.1)
      slop (~> 3.4)
    pry-rescue (1.4.2)
      interception (>= 0.5)
      pry
    pry-stack_explorer (0.4.9.2)
      binding_of_caller (>= 0.7)
      pry (>= 0.9.11)
    rack (1.6.4)
    rake (10.4.2)
    rb-fsevent (0.9.6)
    rb-inotify (0.9.5)
      ffi (>= 0.5.0)
    rb-kqueue (0.2.4)
      ffi (>= 0.5.0)
    rdoc (4.2.0)
      json (~> 1.4)
    rest-client (1.8.0)
      http-cookie (>= 1.0.2, < 2.0)
      mime-types (>= 1.16, < 3.0)
      netrc (~> 0.7)
    retryable (2.0.2)
    ridley (4.2.0)
      addressable
      buff-config (~> 1.0)
      buff-extensions (~> 1.0)
      buff-ignore (~> 1.1)
      buff-shell_out (~> 0.1)
      celluloid (~> 0.16.0)
      celluloid-io (~> 0.16.1)
      erubis
      faraday (~> 0.9.0)
      hashie (>= 2.0.2, < 3.0.0)
      json (>= 1.7.7)
      mixlib-authentication (>= 1.3.0)
      net-http-persistent (>= 2.8)
      retryable (~> 2.0)
      semverse (~> 1.1)
      varia_model (~> 0.4)
    rspec (3.3.0)
      rspec-core (~> 3.3.0)
      rspec-expectations (~> 3.3.0)
      rspec-mocks (~> 3.3.0)
    rspec-core (3.3.2)
      rspec-support (~> 3.3.0)
    rspec-expectations (3.3.1)
      diff-lcs (>= 1.2.0, < 2.0)
      rspec-support (~> 3.3.0)
    rspec-its (1.2.0)
      rspec-core (>= 3.0.0)
      rspec-expectations (>= 3.0.0)
    rspec-mocks (3.3.2)
      diff-lcs (>= 1.2.0, < 2.0)
      rspec-support (~> 3.3.0)
    rspec-support (3.3.0)
    rspec_junit_formatter (0.2.3)
      builder (< 4)
      rspec-core (>= 2, < 4, != 2.12.0)
    rubyntlm (0.4.0)
    rubyzip (1.1.7)
    safe_yaml (1.0.4)
    sawyer (0.6.0)
      addressable (~> 2.3.5)
      faraday (~> 0.8, < 0.10)
    sdoc (0.4.1)
      json (~> 1.7, >= 1.7.7)
      rdoc (~> 4.0)
    semverse (1.2.1)
    serverspec (2.22.0)
      multi_json
      rspec (~> 3.0)
      rspec-its
      specinfra (~> 2.42)
    sfl (2.2)
    simplecov (0.10.0)
      docile (~> 1.1.0)
      json (~> 1.8)
      simplecov-html (~> 0.10.0)
    simplecov-html (0.10.0)
    slop (3.6.0)
    solve (1.2.1)
      dep_selector (~> 1.0)
      semverse (~> 1.1)
    specinfra (2.42.2)
      net-scp
      net-ssh (~> 2.7)
      net-telnet
      sfl
    stove (3.2.7)
      chef-api (~> 0.5)
      logify (~> 0.2)
    syslog-logger (1.6.8)
    systemu (2.6.5)
    term-ansicolor (1.3.2)
      tins (~> 1.0)
    test-kitchen (1.4.2)
      mixlib-shellout (>= 1.2, < 3.0)
      net-scp (~> 1.1)
      net-ssh (~> 2.7, < 2.10)
      safe_yaml (~> 1.0)
      thor (~> 0.18)
    thor (0.19.1)
    timers (4.0.1)
      hitimes
    tins (1.6.0)
    ubuntu_ami (0.4.1)
    unf (0.1.4)
      unf_ext
    unf_ext (0.0.7.1)
    uuidtools (2.1.5)
    varia_model (0.4.0)
      buff-extensions (~> 1.0)
      hashie (>= 2.0.2, < 3.0.0)
    wdm (0.1.1)
    winrm (1.3.4)
      builder (>= 2.1.2)
      gssapi (~> 1.2)
      gyoku (~> 1.0)
      httpclient (~> 2.2, >= 2.2.0.2)
      logging (~> 1.6, >= 1.6.1)
      nori (~> 2.0)
      rubyntlm (~> 0.4.0)
      uuidtools (~> 2.1.2)
    winrm-fs (0.2.2)
      erubis (~> 2.7)
      logging (~> 1.6, >= 1.6.1)
      rubyzip (~> 1.1)
      winrm (~> 1.3.0)
    winrm-s (0.3.1)
      winrm (~> 1.3.0)
    wmi-lite (1.0.0)

PLATFORMS
  ruby

DEPENDENCIES
  CFPropertyList (= 2.3.1)
  addressable (= 2.3.8)
  aws-sdk (= 2.1.17)
  aws-sdk-resources (= 2.1.17)
  aws-sdk-v1 (= 1.65.0)
  berkshelf!
  berkshelf-api-client (= 1.3.0)
  buff-config!
  buff-extensions (= 1.0.0)
  buff-ignore (= 1.1.1)
  buff-ruby_engine (= 0.1.0)
  buff-shell_out (= 0.2.0)
  builder (= 3.2.2)
  bundler
  celluloid (= 0.16.0)
  celluloid-io (= 0.16.2)
  chef (= 12.4.1)
  chef-config (= 12.4.1)
  chef-provisioning (= 1.3.0)
  chef-provisioning-aws!
  chef-zero (= 4.2.3)
  cheffish (= 1.3.1)
  chefspec!
  childprocess (= 0.5.6)
  cleanroom (= 1.0.0)
  coderay (= 1.1.0)
  coveralls (= 0.8.2)
  dep-selector-libgecode!
  dep_selector!
  diff-lcs (= 1.2.5)
  docile (= 1.1.5)
  domain_name (= 0.5.24)
  em-winrm (= 0.7.0)
  erubis (= 2.7.0)
  eventmachine (= 1.0.8)
  excon (= 0.45.4)
  faraday (= 0.9.1)
  ffi!
  ffi-yajl!
  fission (= 0.5.0)
  fog-aws (= 0.7.6)
  formatador (= 0.2.5)
  gssapi (= 1.2.0)
  gyoku (= 1.3.1)
  hashie (= 2.1.2)
  highline (= 1.7.3)
  hitimes (= 1.2.2)
  http-cookie (= 1.0.2)
  httpclient (= 2.6.0.1)
  i18n (= 0.7.0)
  inflecto (= 0.0.2)
  inifile (= 2.0.2)
  ipaddress (= 0.8.0)
  json (= 1.8.3)
  kitchen-vagrant!
  knife-ec2
  knife-reporting
  knife-solo!
  knife-spec!
  knife-vagrant2
  knife-windows (= 0.8.6)
  knife-zero (= 1.8.0)
  librarian (= 0.1.2)
  librarian-chef (= 0.0.4)
  libyajl2 (= 1.2.0)
  little-plugger (= 1.1.4)
  logging (= 1.8.1)
  metaclass (= 0.0.4)
  method_source (= 0.8.2)
  mime-types (= 2.6.1)
  minitar (= 0.5.4)
  minitest (= 4.7.5)
  mixlib-authentication (= 1.3.0)
  mixlib-cli (= 1.5.0)
  mixlib-config (= 2.2.1)
  mixlib-install (= 0.7.0)
  mixlib-log (= 1.6.0)
  mocha (= 1.1.0)
  multipart-post (= 2.0.0)
  net-http-persistent (= 2.9.4)
  net-scp (= 1.2.1)
  net-ssh (= 2.9.2)
  net-ssh-gateway (= 1.2.0)
  net-ssh-multi (= 1.2.1)
  net-telnet (= 0.1.1)
  netrc (= 0.10.3)
  nio4r (= 1.1.1)
  nokogiri
  nori (= 2.6.0)
  octokit (= 3.8.0)
  ohai (= 8.5.1)
  parallel (= 1.6.1)
  plist (= 3.1.0)
  poise-application!
  poise-application-git!
  poise-application-python!
  pry (= 0.10.1)
  pry-rescue
  pry-stack_explorer
  rack (= 1.6.4)
  rake (= 10.4.2)
  rb-fsevent (= 0.9.6)
  rdoc (= 4.2.0)
  rest-client (= 1.8.0)
  retryable (= 2.0.2)
  ridley
  rspec (= 3.3.0)
  rspec-core (= 3.3.2)
  rspec-expectations (= 3.3.1)
  rspec-its (= 1.2.0)
  rspec-mocks (= 3.3.2)
  rspec-support (= 3.3.0)
  rspec_junit_formatter (= 0.2.3)
  rubyntlm (= 0.4.0)
  sawyer (= 0.6.0)
  sdoc (= 0.4.1)
  semverse (= 1.2.1)
  serverspec (~> 2.7)
  sfl (= 2.2)
  simplecov (= 0.10.0)
  simplecov-html (= 0.10.0)
  solve (= 1.2.1)
  specinfra (= 2.42.2)
  syslog-logger (= 1.6.8)
  systemu (= 2.6.5)
  term-ansicolor (= 1.3.2)
  test-kitchen
  thor (= 0.19.1)
  timers (= 4.0.1)
  tins (= 1.6.0)
  ubuntu_ami (= 0.4.1)
  unf (= 0.1.4)
  unf_ext (= 0.0.7.1)
  uuidtools (= 2.1.5)
  vagrant!
  varia_model (= 0.4.0)
  winrm (= 1.3.4)
  winrm-s (= 0.3.1)
  wmi-lite (= 1.0.0)

BUNDLED WITH
   1.10.6
